GIT
  remote: git://github.com/fesplugas/rails-ckeditor.git
  revision: 63607310b8bce76f8d959994d62379a96c7fdadc
  specs:
    ckeditor-rails (0.0.6)
      rails

GIT
  remote: git://github.com/fesplugas/rails-trash.git
  revision: d0b47b504232f9b7944c083934cc8880d849b540
  specs:
    rails-trash (3.0.0)
      rails (>= 3.2.12)

GIT
  remote: git://github.com/mongoid/mongoid.git
  revision: c3da4971f7dbf7aefe894c4e50ab831be228f7a3
  specs:
    mongoid (4.0.0)
      activemodel (~> 4.0.0.rc1)
      moped (~> 1.4)
      origin (~> 1.0)
      tzinfo (~> 0.3.22)

GIT
  remote: git://github.com/plataformatec/devise.git
  revision: 6b5988d756d780903bf8c9ccb3e2b3b724ccebe8
  branch: rails4
  specs:
    devise (2.2.4)
      bcrypt-ruby (~> 3.0)
      orm_adapter (~> 0.1)
      railties (>= 3.2.6, < 5)
      warden (~> 1.2.1)

GIT
  remote: git://github.com/typus/acts_as_list.git
  revision: 602b965df0e8bd0c2a2ab55f5b7850ed226012e9
  specs:
    acts_as_list (0.2.0)
      activerecord (>= 3.0)

PATH
  remote: .
  specs:
    typus (4.0.0.beta1)
      bcrypt-ruby (~> 3.0.1)
      jquery-rails (~> 2.2.1)
      rails (~> 4.0.0.rc2)

GEM
  remote: https://rubygems.org/
  specs:
    actionmailer (4.0.0.rc2)
      actionpack (= 4.0.0.rc2)
      mail (~> 2.5.3)
    actionpack (4.0.0.rc2)
      activesupport (= 4.0.0.rc2)
      builder (~> 3.1.0)
      erubis (~> 2.7.0)
      rack (~> 1.5.2)
      rack-test (~> 0.6.2)
    activemodel (4.0.0.rc2)
      activesupport (= 4.0.0.rc2)
      builder (~> 3.1.0)
    activerecord (4.0.0.rc2)
      activemodel (= 4.0.0.rc2)
      activerecord-deprecated_finders (~> 1.0.2)
      activesupport (= 4.0.0.rc2)
      arel (~> 4.0.0)
    activerecord-deprecated_finders (1.0.3)
    activesupport (4.0.0.rc2)
      i18n (~> 0.6, >= 0.6.4)
      minitest (~> 4.2)
      multi_json (~> 1.3)
      thread_safe (~> 0.1)
      tzinfo (~> 0.3.37)
    acts_as_tree (1.3.0)
      activerecord (>= 3.0.0)
    arel (4.0.0)
    atomic (1.1.9)
    bcrypt-ruby (3.0.1)
    bson (1.9.0)
    bson_ext (1.9.0)
      bson (~> 1.9.0)
    builder (3.1.4)
    climate_control (0.0.3)
      activesupport (>= 3.0)
    cocaine (0.5.1)
      climate_control (>= 0.0.3, < 1.0)
    coffee-rails (4.0.0)
      coffee-script (>= 2.2.0)
      railties (>= 4.0.0.beta, < 5.0)
    coffee-script (2.2.0)
      coffee-script-source
      execjs
    coffee-script-source (1.6.2)
    dragonfly (0.9.15)
      multi_json (~> 1.0)
      rack
    erubis (2.7.0)
    execjs (1.4.0)
      multi_json (~> 1.0)
    factory_girl (4.2.0)
      activesupport (>= 3.0.0)
    factory_girl_rails (4.2.1)
      factory_girl (~> 4.2.0)
      railties (>= 3.0.0)
    hike (1.2.3)
    i18n (0.6.4)
    jbuilder (1.2.1)
      activesupport (>= 3.0.0)
      multi_json (>= 1.2.0)
    jquery-rails (2.2.2)
      railties (>= 3.0, < 5.0)
      thor (>= 0.14, < 2.0)
    kaminari (0.14.1)
      actionpack (>= 3.0.0)
      activesupport (>= 3.0.0)
    mail (2.5.4)
      mime-types (~> 1.16)
      treetop (~> 1.4.8)
    metaclass (0.0.1)
    mime-types (1.23)
    minitest (4.7.4)
    mocha (0.13.3)
      metaclass (~> 0.0.1)
    moped (1.5.0)
    multi_json (1.7.6)
    mysql2 (0.3.11)
    origin (1.1.0)
    orm_adapter (0.4.0)
    paperclip (3.4.2)
      activemodel (>= 3.0.0)
      activerecord (>= 3.0.0)
      activesupport (>= 3.0.0)
      cocaine (~> 0.5.0)
      mime-types
    pg (0.15.1)
    polyglot (0.3.3)
    rack (1.5.2)
    rack-cache (1.2)
      rack (>= 0.4)
    rack-test (0.6.2)
      rack (>= 1.0)
    rails (4.0.0.rc2)
      actionmailer (= 4.0.0.rc2)
      actionpack (= 4.0.0.rc2)
      activerecord (= 4.0.0.rc2)
      activesupport (= 4.0.0.rc2)
      bundler (>= 1.3.0, < 2.0)
      railties (= 4.0.0.rc2)
      sprockets-rails (~> 2.0.0)
    rails-permalink (1.0.0)
      rails (>= 3.0.0)
    railties (4.0.0.rc2)
      actionpack (= 4.0.0.rc2)
      activesupport (= 4.0.0.rc2)
      rake (>= 0.8.7)
      thor (>= 0.18.1, < 2.0)
    rake (10.0.4)
    sass (3.2.9)
    sass-rails (4.0.0.rc2)
      railties (>= 4.0.0.beta, < 5.0)
      sass (>= 3.1.10)
      sprockets-rails (~> 2.0.0)
    sprockets (2.10.0)
      hike (~> 1.2)
      multi_json (~> 1.0)
      rack (~> 1.0)
      tilt (~> 1.1, != 1.3.0)
    sprockets-rails (2.0.0)
      actionpack (>= 3.0)
      activesupport (>= 3.0)
      sprockets (~> 2.8)
    sqlite3 (1.3.7)
    thor (0.18.1)
    thread_safe (0.1.0)
      atomic
    tilt (1.4.1)
    treetop (1.4.14)
      polyglot
      polyglot (>= 0.3.1)
    turbolinks (1.2.0)
      coffee-rails
    tzinfo (0.3.37)
    uglifier (1.3.0)
      execjs (>= 0.3.0)
      multi_json (~> 1.0, >= 1.0.2)
    warden (1.2.1)
      rack (>= 1.0)

PLATFORMS
  ruby

DEPENDENCIES
  activerecord-jdbcmysql-adapter
  activerecord-jdbcpostgresql-adapter
  activerecord-jdbcsqlite3-adapter
  acts_as_list!
  acts_as_tree
  bson_ext
  ckeditor-rails!
  coffee-rails (~> 4.0.0.beta1)
  devise!
  dragonfly (~> 0.9.14)
  factory_girl_rails (~> 4.2.1)
  jbuilder (~> 1.2.0)
  jquery-rails
  kaminari
  mocha (~> 0.13.3)
  mongoid!
  mysql2 (~> 0.3.11)
  paperclip (~> 3.4.1)
  pg (~> 0.15.0)
  rack-cache
  rails-permalink (~> 1.0.0)
  rails-trash!
  sass-rails (~> 4.0.0.beta1)
  sqlite3 (~> 1.3.7)
  turbolinks
  typus!
  uglifier (~> 1.3.0)
